GEM
  remote: https://rubygems.org/
  specs:
    awesome_print (1.7.0)
    blankslate (3.1.3)
    coderay (1.1.1)
    commonmarker (0.14.15)
      ruby-enum (~> 0.5)
    elasticsearch (5.0.4)
      elasticsearch-api (= 5.0.4)
      elasticsearch-transport (= 5.0.4)
    elasticsearch-api (5.0.4)
      multi_json
    elasticsearch-transport (5.0.4)
      faraday
      multi_json
    faraday (0.12.0.1)
      multipart-post (>= 1.2, < 3)
    i18n (0.8.1)
    method_source (0.8.2)
    minitest (5.10.1)
    multi_json (1.12.1)
    multipart-post (2.0.0)
    parslet (1.7.1)
      blankslate (>= 2.0, <= 4.0)
    pry (0.10.4)
      coderay (~> 1.1.0)
      method_source (~> 0.8.1)
      slop (~> 3.4)
    rake (12.0.0)
    ruby-enum (0.7.1)
      i18n
    slop (3.6.0)

PLATFORMS
  ruby

DEPENDENCIES
  awesome_print
  commonmarker
  elasticsearch
  minitest
  parslet
  pry
  rake

BUNDLED WITH
   1.14.6
