GIT
  remote: git@github.com:look/commonmarker-rouge.git
  revision: 17a8b3555d143a296dd730c7757b3948d6d07c47
  ref: 17a8b3555d14
  specs:
    commonmarker-rouge (1.0.1)
      commonmarker (>= 0.16.0, < 1.0)
      rouge (~> 1.10)

GEM
  remote: https://rubygems.org/
  specs:
    awesome_print (1.7.0)
    coderay (1.1.1)
    commonmarker (0.16.0)
      ruby-enum (~> 0.5)
    elasticsearch (5.0.4)
      elasticsearch-api (= 5.0.4)
      elasticsearch-transport (= 5.0.4)
    elasticsearch-api (5.0.4)
      multi_json
    elasticsearch-transport (5.0.4)
      faraday
      multi_json
    faraday (0.12.1)
      multipart-post (>= 1.2, < 3)
    i18n (0.8.1)
    method_source (0.8.2)
    minitest (5.10.2)
    multi_json (1.12.1)
    multipart-post (2.0.0)
    parslet (1.8.0)
    pry (0.10.4)
      coderay (~> 1.1.0)
      method_source (~> 0.8.1)
      slop (~> 3.4)
    rake (12.0.0)
    rouge (1.11.1)
    ruby-enum (0.7.1)
      i18n
    slop (3.6.0)

PLATFORMS
  ruby

DEPENDENCIES
  awesome_print
  commonmarker
  commonmarker-rouge!
  elasticsearch
  minitest
  parslet
  pry
  rake

BUNDLED WITH
   1.14.6
